{
  "Modality": "MR",
  "MagneticFieldStrength": 7,
  "ImagingFrequency": 297.232966,
  "Manufacturer": "Siemens",
  "ManufacturersModelName": "Investigational_Device_7T",
  "InstitutionName": "Hospital",
  "InstitutionalDepartmentName": "Department",
  "InstitutionAddress": "Street StreetNo,City,District,CN,ZIP",
  "DeviceSerialNumber": "79115",
  "StationName": "AWP79115",
  "BodyPart": "BRAIN",
  "PatientPosition": "HFS",
  "ProcedureStepDescription": "JFFeng^SEMANTIC",
  "SoftwareVersions": "syngo MR E12",
  "MRAcquisitionType": "2D",
  "StudyDescription": "JFFeng^SEMANTIC",
  "SeriesDescription": "MB_GRE_EPI_480VOL_Task_AP",
  "ProtocolName": "MB_GRE_EPI_480VOL_Task_AP",
  "ScanningSequence": "EP",
  "SequenceVariant": "SK\\SS",
  "ScanOptions": "PFP\\FS",
  "SequenceName": "epfid2d1_128",
  "ImageType": [
    "ORIGINAL",
    "PRIMARY",
    "M",
    "MB",
    "ND",
    "MOSAIC",
    "MAGNITUDE"
  ],
  "NonlinearGradientCorrection": false,
  "SeriesNumber": 9,
  "AcquisitionTime": "16:14:28.837500",
  "AcquisitionNumber": 1,
  "ImageComments": "Unaliased MB4/PE4",
  "SliceThickness": 1.5,
  "SpacingBetweenSlices": 1.5,
  "SAR": 0.127154,
  "TablePosition": [
    0,
    0,
    -0
  ],
  "EchoTime": 0.025,
  "RepetitionTime": 1.5,
  "FlipAngle": 65,
  "PartialFourier": 0.75,
  "BaseResolution": 128,
  "ShimSetting": [
    584,
    -3575,
    569,
    201,
    -123,
    -333,
    189,
    79
  ],
  "TxRefAmp": 220.691,
  "PhaseResolution": 1,
  "ReceiveCoilName": "1Tx32Rx_Head",
  "ReceiveCoilActiveElements": "A32",
  "PulseSequenceDetails": "%CustomerSeq%\\cmrr_mbep2d_bold",
  "WipMemBlock": "1cf25b1d-8dc2-4625-811a-2b41b28598d0||Sequence: R016 ve12u/R016a r/3095a098; Jan  9 2020 13:30:02 by eja",
  "RefLinesPE": 24,
  "CoilCombinationMethod": "Sum of Squares",
  "ConsistencyInfo": "N4_VE12U_LATEST_20181126",
  "MatrixCoilMode": "GRAPPA",
  "MultibandAccelerationFactor": 4,
  "PercentPhaseFOV": 100,
  "PercentSampling": 100,
  "EchoTrainLength": 47,
  "PhaseEncodingSteps": 95,
  "AcquisitionMatrixPE": 128,
  "ReconMatrixPE": 128,
  "BandwidthPerPixelPhaseEncode": 21.701,
  "ParallelReductionFactorInPlane": 2,
  "EffectiveEchoSpacing": 0.000360006,
  "DerivedVendorReportedEchoSpacing": 0.000720013,
  "TotalReadoutTime": 0.0457208,
  "PixelBandwidth": 1630,
  "DwellTime": 2.4e-06,
  "PhaseEncodingDirection": "j-",
  "SliceTiming": [
    0,
    0.6875,
    1.375,
    0.5625,
    1.25,
    0.4375,
    1.125,
    0.3125,
    1,
    0.1875,
    0.875,
    0.0625,
    0.75,
    1.4375,
    0.625,
    1.3125,
    0.5,
    1.1875,
    0.375,
    1.0625,
    0.25,
    0.9375,
    0.125,
    0.8125,
    0,
    0.6875,
    1.375,
    0.5625,
    1.25,
    0.4375,
    1.125,
    0.3125,
    1,
    0.1875,
    0.875,
    0.0625,
    0.75,
    1.4375,
    0.625,
    1.3125,
    0.5,
    1.1875,
    0.375,
    1.0625,
    0.25,
    0.9375,
    0.125,
    0.8125,
    0,
    0.6875,
    1.375,
    0.5625,
    1.25,
    0.4375,
    1.125,
    0.3125,
    1,
    0.1875,
    0.875,
    0.0625,
    0.75,
    1.4375,
    0.625,
    1.3125,
    0.5,
    1.1875,
    0.375,
    1.0625,
    0.25,
    0.9375,
    0.125,
    0.8125,
    0,
    0.6875,
    1.375,
    0.5625,
    1.25,
    0.4375,
    1.125,
    0.3125,
    1,
    0.1875,
    0.875,
    0.0625,
    0.75,
    1.4375,
    0.625,
    1.3125,
    0.5,
    1.1875,
    0.375,
    1.0625,
    0.25,
    0.9375,
    0.125,
    0.8125
  ],
  "ImageOrientationPatientDICOM": [
    1,
    0,
    0,
    0,
    0.999877,
    -0.0157073
  ],
  "ImageOrientationText": "Tra>Cor(-0.9)",
  "InPlanePhaseEncodingDirectionDICOM": "COL",
  "BidsGuess": [
    "func",
    "_acq-epfid2p2m4_dir-AP_run-9_bold"
  ],
  "ConversionSoftware": "dcm2niix",
  "ConversionSoftwareVersion": "v1.0.20250505",
  "TaskName": "SemanticListening"
}
