{
  "Modality": "MR",
  "MagneticFieldStrength": 7,
  "ImagingFrequency": 297.204487,
  "Manufacturer": "Siemens",
  "ManufacturersModelName": "Investigational_Device_7T",
  "InstitutionName": "Hospital",
  "InstitutionalDepartmentName": "Department",
  "InstitutionAddress": "Street StreetNo,City,District,CN,ZIP",
  "DeviceSerialNumber": "79115",
  "StationName": "AWP79115",
  "BodyPart": "BRAIN",
  "PatientPosition": "HFS",
  "ProcedureStepDescription": "JFFeng^SEMANTIC",
  "SoftwareVersions": "syngo MR E12",
  "MRAcquisitionType": "2D",
  "StudyDescription": "JFFeng^SEMANTIC",
  "SeriesDescription": "MB_GRE_EPI_480VOL_Task_AP",
  "ProtocolName": "MB_GRE_EPI_480VOL_Task_AP",
  "ScanningSequence": "EP",
  "SequenceVariant": "SK\\SS",
  "ScanOptions": "PFP\\FS",
  "SequenceName": "epfid2d1_128",
  "ImageType": [
    "ORIGINAL",
    "PRIMARY",
    "M",
    "MB",
    "ND",
    "MOSAIC",
    "MAGNITUDE"
  ],
  "NonlinearGradientCorrection": false,
  "SeriesNumber": 7,
  "AcquisitionTime": "10:14:38.212500",
  "AcquisitionNumber": 1,
  "ImageComments": "Unaliased MB4/PE4",
  "SliceThickness": 1.5,
  "SpacingBetweenSlices": 1.5,
  "SAR": 0.11032,
  "TablePosition": [
    0,
    0,
    -0
  ],
  "EchoTime": 0.025,
  "RepetitionTime": 1.5,
  "FlipAngle": 65,
  "PartialFourier": 0.75,
  "BaseResolution": 128,
  "ShimSetting": [
    581,
    -3528,
    564,
    184,
    302,
    -447,
    -176,
    157
  ],
  "TxRefAmp": 225.592,
  "PhaseResolution": 1,
  "ReceiveCoilName": "1Tx32Rx_Head",
  "ReceiveCoilActiveElements": "A32",
  "PulseSequenceDetails": "%CustomerSeq%\\cmrr_mbep2d_bold",
  "WipMemBlock": "9f74e24e-97f9-4aee-a17b-68ab614dc062||Sequence: R016 ve12u/R016a r/3095a098; Jan  9 2020 13:30:02 by eja",
  "RefLinesPE": 24,
  "CoilCombinationMethod": "Sum of Squares",
  "ConsistencyInfo": "N4_VE12U_LATEST_20181126",
  "MatrixCoilMode": "GRAPPA",
  "MultibandAccelerationFactor": 4,
  "PercentPhaseFOV": 100,
  "PercentSampling": 100,
  "EchoTrainLength": 47,
  "PhaseEncodingSteps": 95,
  "AcquisitionMatrixPE": 128,
  "ReconMatrixPE": 128,
  "BandwidthPerPixelPhaseEncode": 21.701,
  "ParallelReductionFactorInPlane": 2,
  "EffectiveEchoSpacing": 0.000360006,
  "DerivedVendorReportedEchoSpacing": 0.000720013,
  "TotalReadoutTime": 0.0457208,
  "PixelBandwidth": 1630,
  "DwellTime": 2.4e-06,
  "PhaseEncodingDirection": "j-",
  "SliceTiming": [
    0,
    0.685,
    1.3725,
    0.5625,
    1.2475,
    0.4375,
    1.1225,
    0.3125,
    0.9975,
    0.1875,
    0.8725,
    0.0625,
    0.7475,
    1.435,
    0.625,
    1.31,
    0.5,
    1.185,
    0.375,
    1.06,
    0.25,
    0.935,
    0.125,
    0.81,
    0,
    0.685,
    1.3725,
    0.5625,
    1.2475,
    0.4375,
    1.1225,
    0.3125,
    0.9975,
    0.1875,
    0.8725,
    0.0625,
    0.7475,
    1.435,
    0.625,
    1.31,
    0.5,
    1.185,
    0.375,
    1.06,
    0.25,
    0.935,
    0.125,
    0.81,
    0,
    0.685,
    1.3725,
    0.5625,
    1.2475,
    0.4375,
    1.1225,
    0.3125,
    0.9975,
    0.1875,
    0.8725,
    0.0625,
    0.7475,
    1.435,
    0.625,
    1.31,
    0.5,
    1.185,
    0.375,
    1.06,
    0.25,
    0.935,
    0.125,
    0.81,
    0,
    0.685,
    1.3725,
    0.5625,
    1.2475,
    0.4375,
    1.1225,
    0.3125,
    0.9975,
    0.1875,
    0.8725,
    0.0625,
    0.7475,
    1.435,
    0.625,
    1.31,
    0.5,
    1.185,
    0.375,
    1.06,
    0.25,
    0.935,
    0.125,
    0.81
  ],
  "ImageOrientationPatientDICOM": [
    1,
    0,
    0,
    0,
    0.981627,
    -0.190809
  ],
  "ImageOrientationText": "Tra>Cor(-11.0)",
  "InPlanePhaseEncodingDirectionDICOM": "COL",
  "BidsGuess": [
    "func",
    "_acq-epfid2p2m4_dir-AP_run-7_bold"
  ],
  "ConversionSoftware": "dcm2niix",
  "ConversionSoftwareVersion": "v1.0.20250505",
  "TaskName": "SemanticListening"
}
